GEM
  remote: https://rubygems.org/
  specs:
    base64 (0.2.0)
    diff-lcs (1.5.1)
    domain_name (0.6.20240107)
    dotenv (3.1.0)
    faraday (2.9.0)
      faraday-net_http (>= 2.0, < 3.2)
    faraday-net_http (3.1.0)
      net-http
    http-accept (1.7.0)
    http-cookie (1.0.5)
      domain_name (~> 0.5)
    jwt (2.8.1)
      base64
    mime-types (3.5.2)
      mime-types-data (~> 3.2015)
    mime-types-data (3.2024.0305)
    net-http (0.4.1)
      uri
    netrc (0.11.0)
    nokogiri (1.16.3-x86_64-darwin)
      racc (~> 1.4)
    racc (1.7.3)
    rest-client (2.1.0)
      http-accept (>= 1.7.0, < 2.0)
      http-cookie (>= 1.0.2, < 2.0)
      mime-types (>= 1.16, < 4.0)
      netrc (~> 0.8)
    rspec (3.13.0)
      rspec-core (~> 3.13.0)
      rspec-expectations (~> 3.13.0)
      rspec-mocks (~> 3.13.0)
    rspec-core (3.13.0)
      rspec-support (~> 3.13.0)
    rspec-expectations (3.13.0)
      diff-lcs (>= 1.2.0, < 2.0)
      rspec-support (~> 3.13.0)
    rspec-mocks (3.13.0)
      diff-lcs (>= 1.2.0, < 2.0)
      rspec-support (~> 3.13.0)
    rspec-support (3.13.1)
    twilio-ruby (7.0.1)
      faraday (>= 0.9, < 3.0)
      jwt (>= 1.5, < 3.0)
      nokogiri (>= 1.6, < 2.0)
    uri (0.13.0)

PLATFORMS
  x86_64-darwin-23

DEPENDENCIES
  base64
  dotenv
  rest-client
  rspec (~> 3.13.0)
  twilio-ruby

BUNDLED WITH
   2.4.22
